PATH
  remote: .
  specs:
    pony (1.11)
      mail (>= 2.0)

GEM
  remote: http://rubygems.org/
  specs:
    diff-lcs (1.2.5)
    mail (2.6.1)
      mime-types (>= 1.16, < 3)
    mime-types (2.3)
    rake (10.1.1)
    rspec (3.4.0)
      rspec-core (~> 3.4.0)
      rspec-expectations (~> 3.4.0)
      rspec-mocks (~> 3.4.0)
    rspec-core (3.4.1)
      rspec-support (~> 3.4.0)
    rspec-expectations (3.4.0)
      diff-lcs (>= 1.2.0, < 2.0)
      rspec-support (~> 3.4.0)
    rspec-mocks (3.4.0)
      diff-lcs (>= 1.2.0, < 2.0)
      rspec-support (~> 3.4.0)
    rspec-support (3.4.1)

PLATFORMS
  ruby

DEPENDENCIES
  pony!
  rake (>= 10)
  rspec (>= 2.14)

BUNDLED WITH
   1.11.2
